GEM
  remote: https://rubygems.org/
  specs:
    builder (3.2.2)
    configparser (0.1.4)
    daemons (1.2.3)
    eventmachine (1.0.8)
    excon (0.45.4)
    fog-core (1.35.0)
      builder
      excon (~> 0.45)
      formatador (~> 0.2)
    fog-json (1.0.2)
      fog-core (~> 1.0)
      multi_json (~> 1.10)
    fog-softlayer (1.0.2)
      fog-core
      fog-json
    formatador (0.2.5)
    json (1.8.3)
    mono_logger (1.1.0)
    multi_json (1.11.2)
    rack (1.6.4)
    rack-protection (1.5.3)
      rack
    rake (10.4.2)
    redis (3.2.2)
    redis-namespace (1.5.2)
      redis (~> 3.0, >= 3.0.4)
    remote_lock (1.1.0)
    resque (1.25.2)
      mono_logger (~> 1.0)
      multi_json (~> 1.0)
      redis-namespace (~> 1.3)
      sinatra (>= 0.9.2)
      vegas (~> 0.1.2)
    sinatra (1.4.6)
      rack (~> 1.4)
      rack-protection (~> 1.4)
      tilt (>= 1.3, < 3)
    softlayer_api (3.2.1)
      configparser (~> 0.1.2)
    thin (1.6.4)
      daemons (~> 1.0, >= 1.0.9)
      eventmachine (~> 1.0, >= 1.0.4)
      rack (~> 1.0)
    tilt (2.0.1)
    vegas (0.1.11)
      rack (>= 1.0.0)
    yajl-ruby (1.2.1)

PLATFORMS
  ruby

DEPENDENCIES
  eventmachine
  fog-softlayer
  json
  rake
  remote_lock
  resque
  sinatra
  softlayer_api (>= 3.2.1)
  thin
  yajl-ruby

BUNDLED WITH
   1.12.5
